GEM
  remote: https://rubygems.org/
  specs:
    builder (3.2.3)
    chunky_png (1.3.8)
    colored (1.2)
    compass (1.0.3)
      chunky_png (~> 1.2)
      compass-core (~> 1.0.2)
      compass-import-once (~> 1.0.5)
      rb-fsevent (>= 0.9.3)
      rb-inotify (>= 0.9)
      sass (>= 3.3.13, < 3.5)
    compass-core (1.0.3)
      multi_json (~> 1.0)
      sass (>= 3.3.0, < 3.5)
    compass-import-once (1.0.5)
      sass (>= 3.2, < 3.5)
    concurrent-ruby (1.0.5)
    cri (2.8.0)
      colored (~> 1.2)
    ddplugin (1.0.1)
    ffi (1.9.18)
    hamster (3.0.0)
      concurrent-ruby (~> 1.0)
    mini_portile2 (2.1.0)
    multi_json (1.12.1)
    nanoc (4.7.10)
      cri (~> 2.8)
      ddplugin (~> 1.0)
      hamster (~> 3.0)
      ref (~> 2.0)
    nokogiri (1.7.2)
      mini_portile2 (~> 2.1.0)
    rake (12.0.0)
    rb-fsevent (0.9.8)
    rb-inotify (0.9.8)
      ffi (>= 0.5.0)
    ref (2.0.0)
    rouge (2.0.7)
    sass (3.4.24)
    systemu (2.6.5)

PLATFORMS
  ruby

DEPENDENCIES
  builder
  compass
  nanoc (~> 4.0)
  nokogiri
  rake
  rouge
  sass
  systemu

BUNDLED WITH
   1.15.0
