GEM
  remote: https://rubygems.org/
  specs:
    adsf (1.2.1)
      rack (>= 1.0.0)
    builder (3.2.2)
    chunky_png (1.3.8)
    coderay (1.1.1)
    colored (1.2)
    compass (1.0.3)
      chunky_png (~> 1.2)
      compass-core (~> 1.0.2)
      compass-import-once (~> 1.0.5)
      rb-fsevent (>= 0.9.3)
      rb-inotify (>= 0.9)
      sass (>= 3.3.13, < 3.5)
    compass-core (1.0.3)
      multi_json (~> 1.0)
      sass (>= 3.3.0, < 3.5)
    compass-import-once (1.0.5)
      sass (>= 3.2, < 3.5)
    concurrent-ruby (1.0.4)
    cri (2.7.1)
      colored (~> 1.2)
    ffi (1.9.14)
    formatador (0.2.5)
    guard (2.14.0)
      formatador (>= 0.2.4)
      listen (>= 2.7, < 4.0)
      lumberjack (~> 1.0)
      nenv (~> 0.1)
      notiffany (~> 0.0)
      pry (>= 0.9.12)
      shellany (~> 0.0)
      thor (>= 0.18.1)
    guard-compat (1.2.1)
    guard-nanoc (2.1.1)
      guard (~> 2.8)
      guard-compat (~> 1.0)
      nanoc (>= 4.3.8, < 5.0)
    hamster (3.0.0)
      concurrent-ruby (~> 1.0)
    listen (3.1.5)
      rb-fsevent (~> 0.9, >= 0.9.4)
      rb-inotify (~> 0.9, >= 0.9.7)
      ruby_dep (~> 1.2)
    lumberjack (1.0.10)
    method_source (0.8.2)
    mini_portile2 (2.1.0)
    multi_json (1.12.1)
    nanoc (4.4.5)
      cri (~> 2.3)
      hamster (~> 3.0)
      parallel (~> 1.9)
      ref (~> 2.0)
    nenv (0.3.0)
    nokogiri (1.7.0)
      mini_portile2 (~> 2.1.0)
    notiffany (0.1.1)
      nenv (~> 0.1)
      shellany (~> 0.0)
    parallel (1.10.0)
    pry (0.10.4)
      coderay (~> 1.1.0)
      method_source (~> 0.8.1)
      slop (~> 3.4)
    pygments.rb (1.1.0)
      multi_json (>= 1.0.0)
    rack (2.0.1)
    rake (12.0.0)
    rb-fsevent (0.9.8)
    rb-inotify (0.9.7)
      ffi (>= 0.5.0)
    rb-kqueue (0.2.4)
      ffi (>= 0.5.0)
    rb-readline (0.5.3)
    ref (2.0.0)
    ruby_dep (1.5.0)
    sass (3.4.23)
    shellany (0.0.1)
    slop (3.6.0)
    systemu (2.6.5)
    thor (0.19.4)

PLATFORMS
  ruby

DEPENDENCIES
  adsf
  builder
  compass
  guard
  guard-nanoc
  nanoc (~> 4.0)
  nokogiri
  pygments.rb
  rake
  rb-kqueue (>= 0.2)
  rb-readline
  sass
  systemu

BUNDLED WITH
   1.12.5
