GEM
  remote: https://rubygems.org/
  specs:
    addressable (2.5.2)
      public_suffix (>= 2.0.2, < 4.0)
    builder (3.2.3)
    chunky_png (1.3.10)
    colored (1.2)
    compass (1.0.3)
      chunky_png (~> 1.2)
      compass-core (~> 1.0.2)
      compass-import-once (~> 1.0.5)
      rb-fsevent (>= 0.9.3)
      rb-inotify (>= 0.9)
      sass (>= 3.3.13, < 3.5)
    compass-core (1.0.3)
      multi_json (~> 1.0)
      sass (>= 3.3.0, < 3.5)
    compass-import-once (1.0.5)
      sass (>= 3.2, < 3.5)
    concurrent-ruby (1.0.5)
    cri (2.10.1)
      colored (~> 1.2)
    ddmemoize (1.0.0)
      ddmetrics (~> 1.0)
      ref (~> 2.0)
    ddmetrics (1.0.0)
    ddplugin (1.0.2)
    ffi (1.9.25)
    hamster (3.0.0)
      concurrent-ruby (~> 1.0)
    mini_portile2 (2.3.0)
    multi_json (1.13.1)
    nanoc (4.9.2)
      addressable (~> 2.5)
      cri (~> 2.8)
      ddmemoize (~> 1.0)
      ddmetrics (~> 1.0)
      ddplugin (~> 1.0)
      hamster (~> 3.0)
      parallel (~> 1.12)
      ref (~> 2.0)
      slow_enumerator_tools (~> 1.0)
      tomlrb (~> 1.2)
    nokogiri (1.8.2)
      mini_portile2 (~> 2.3.0)
    parallel (1.12.1)
    public_suffix (3.0.2)
    rake (12.3.1)
    rb-fsevent (0.10.3)
    rb-inotify (0.9.10)
      ffi (>= 0.5.0, < 2)
    ref (2.0.0)
    rouge (3.1.1)
    sass (3.4.25)
    slow_enumerator_tools (1.1.0)
    systemu (2.6.5)
    tomlrb (1.2.6)

PLATFORMS
  ruby

DEPENDENCIES
  builder
  compass (~> 1.0)
  nanoc (~> 4.0)
  nokogiri
  rake
  rouge
  sass
  systemu

BUNDLED WITH
   1.16.2
